GEM
  remote: http://rubygems.org/
  specs:
    columnize (0.3.6)
    faraday (0.8.1)
      multipart-post (~> 1.1)
    httpauth (0.1)
    linecache (0.46)
      rbx-require-relative (> 0.0.4)
    multi_json (1.3.6)
    multipart-post (1.1.5)
    oauth2 (0.7.1)
      faraday (~> 0.8)
      httpauth (~> 0.1)
      multi_json (~> 1.0)
      rack (~> 1.4)
    rack (1.4.1)
    rbx-require-relative (0.0.9)
    ruby-debug (0.10.4)
      columnize (>= 0.1)
      ruby-debug-base (~> 0.10.4.0)
    ruby-debug-base (0.10.4)
      linecache (>= 0.3)

PLATFORMS
  ruby

DEPENDENCIES
  oauth2
  ruby-debug
